RESTRICTION: || (== net461) (== net462)
NUGET
  remote: https://www.nuget.org/api/v2
    Argu (3.7)
    FAKE.Lib (4.61.3)
    FsEye (2.1)
    FSharp.Core (4.2.1)
    OpenMcdf (2.1.3.34720)

GROUP Build
NUGET
  remote: https://www.nuget.org/api/v2
    FAKE (4.61.3)
