FRAMEWORK: NET461, NET462
NUGET
  remote: https://www.nuget.org/api/v2
    Argu (3.7)
    FAKE.Lib (4.56)
    FsEye (2.1)
    OpenMcdf (2.1.2.1274)

GROUP Build
NUGET
  remote: https://www.nuget.org/api/v2
    FAKE (4.58.6)
