RESTRICTION: == net461
NUGET
  remote: https://www.nuget.org/api/v2
    Argu (5.2)
      FSharp.Core (>= 4.0.0.1)
    Fake.Core.Context (5.11.1)
      FSharp.Core (>= 4.3.4)
    Fake.Core.Environment (5.11.1)
      FSharp.Core (>= 4.3.4)
    Fake.Core.FakeVar (5.11.1)
      Fake.Core.Context (>= 5.11.1)
      FSharp.Core (>= 4.3.4)
    Fake.Core.Process (5.11.1)
      Fake.Core.Environment (>= 5.11.1)
      Fake.Core.FakeVar (>= 5.11.1)
      Fake.Core.String (>= 5.11.1)
      Fake.Core.Trace (>= 5.11.1)
      Fake.IO.FileSystem (>= 5.11.1)
      FSharp.Core (>= 4.3.4)
      System.Diagnostics.Process (>= 4.3)
    Fake.Core.SemVer (5.11.1)
      FSharp.Core (>= 4.3.4)
      System.Runtime.Numerics (>= 4.3)
    Fake.Core.String (5.11.1)
      FSharp.Core (>= 4.3.4)
    Fake.Core.Trace (5.11.1)
      Fake.Core.Environment (>= 5.11.1)
      Fake.Core.FakeVar (>= 5.11.1)
      FSharp.Core (>= 4.3.4)
    Fake.IO.FileSystem (5.11.1)
      Fake.Core.String (>= 5.11.1)
      FSharp.Core (>= 4.3.4)
      System.Diagnostics.FileVersionInfo (>= 4.3)
      System.IO.FileSystem.Watcher (>= 4.3)
    Fake.Tools.Git (5.11.1)
      Fake.Core.Environment (>= 5.11.1)
      Fake.Core.Process (>= 5.11.1)
      Fake.Core.SemVer (>= 5.11.1)
      Fake.Core.String (>= 5.11.1)
      Fake.Core.Trace (>= 5.11.1)
      Fake.IO.FileSystem (>= 5.11.1)
      FSharp.Core (>= 4.3.4)
    FsEye (2.1)
    FSharp.Core (4.5.4)
    LiteDB (4.1.4)
    LiteDB.FSharp (2.6)
      FSharp.Core (>= 4.2.3)
      LiteDB (>= 4.0)
      Newtonsoft.Json (>= 10.0.3)
    Newtonsoft.Json (12.0.1)
    OpenMcdf (2.2.1.3)
    System.Diagnostics.FileVersionInfo (4.3)
    System.Diagnostics.Process (4.3)
    System.IO.FileSystem.Watcher (4.3)
    System.Runtime.Numerics (4.3)
